GEM
  remote: https://rubygems.org/
  specs:
    celluloid (0.16.0)
      timers (~> 4.0.0)
    celluloid-io (0.16.2)
      celluloid (>= 0.16.0)
      nio4r (>= 1.1.0)
    coap (0.1.1)
      celluloid-io (~> 0.16, >= 0.16.1)
      resolv-ipv6favor (~> 0)
    coderay (1.1.0)
    hitimes (1.2.2)
    method_source (0.8.2)
    nio4r (1.1.0)
    pry (0.10.1)
      coderay (~> 1.1.0)
      method_source (~> 0.8.1)
      slop (~> 3.4)
    resolv-ipv6favor (0.0.0)
    serialport (1.3.1)
    slop (3.6.0)
    timers (4.0.1)
      hitimes

PLATFORMS
  ruby

DEPENDENCIES
  coap
  pry
  serialport
